GEM
  remote: https://rubygems.org/
  specs:
    CFPropertyList (2.3.6)
    atomos (0.1.2)
    claide (1.0.2)
    colored2 (3.1.2)
    dotenv (2.2.1)
    mini_portile2 (2.3.0)
    nanaimo (0.2.3)
    nokogiri (1.8.2)
      mini_portile2 (~> 2.3.0)
    xcodeproj (1.5.6)
      CFPropertyList (~> 2.3.3)
      atomos (~> 0.1.2)
      claide (>= 1.0.2, < 2.0)
      colored2 (~> 3.1)
      nanaimo (~> 0.2.3)

PLATFORMS
  ruby

DEPENDENCIES
  dotenv (~> 2.2.1)
  nokogiri (~> 1.8.2)
  xcodeproj (~> 1.5.6)

BUNDLED WITH
   1.16.1
